GEM
  remote: https://rubygems.org/
  specs:
    haml (4.0.3)
      tilt
    rbench (0.2.3)
    tilt (1.4.1)

PLATFORMS
  ruby

DEPENDENCIES
  haml
  rbench
